GEM
  remote: https://rubygems.org/
  specs:
    sqlite3 (1.3.12)

PLATFORMS
  ruby

DEPENDENCIES
  sqlite3 (~> 1.3)

BUNDLED WITH
   1.13.6
