PATH
  remote: .
  specs:
    hyphe (0.1.0)
      sqlite3 (~> 1.3.0)

GEM
  remote: https://rubygems.org/
  specs:
    sqlite3 (1.3.12)

PLATFORMS
  ruby

DEPENDENCIES
  hyphe!

BUNDLED WITH
   1.13.6
